GEM
  remote: http://rubygems.org/
  specs:
    activemodel (3.0.7)
      activesupport (= 3.0.7)
      builder (~> 2.1.2)
      i18n (~> 0.5.0)
    activerecord (3.0.7)
      activemodel (= 3.0.7)
      activesupport (= 3.0.7)
      arel (~> 2.0.2)
      tzinfo (~> 0.3.23)
    activesupport (3.0.7)
    acts_as_list (0.1.3)
    arel (2.0.10)
    builder (2.1.2)
    coderay (0.9.8)
    cucumber (0.10.3)
      builder (>= 2.1.2)
      diff-lcs (>= 1.1.2)
      gherkin (>= 2.3.8)
      json (>= 1.4.6)
      term-ansicolor (>= 1.0.5)
    diff-lcs (1.1.2)
    gherkin (2.3.10)
      json (>= 1.4.6)
    haml (3.1.1)
    i18n (0.5.0)
    json (1.5.1)
    kramdown (0.13.3)
    method_source (0.6.0)
      ruby_parser (>= 2.0.5)
    nokogiri (1.4.4)
    pg (0.11.0)
    pry (0.9.2)
      coderay (>= 0.9.8)
      method_source (>= 0.6.0)
      ruby_parser (>= 2.0.5)
      slop (~> 1.9.0)
    rack (1.3.0)
    rack-test (0.6.0)
      rack (>= 1.0)
    rake (0.9.2)
    rspec (2.6.0)
      rspec-core (~> 2.6.0)
      rspec-expectations (~> 2.6.0)
      rspec-mocks (~> 2.6.0)
    rspec-core (2.6.3)
    rspec-expectations (2.6.0)
      diff-lcs (~> 1.1.2)
    rspec-mocks (2.6.0)
    ruby_parser (2.0.6)
      sexp_processor (~> 3.0)
    sexp_processor (3.0.5)
    shotgun (0.9)
      rack (>= 1.0)
    sinatra (1.3.0.d)
      rack (~> 1.2)
      tilt (~> 1.3)
    slop (1.9.1)
    sqlite3 (1.3.3)
    sqlite3-ruby (1.3.3)
      sqlite3 (>= 1.3.3)
    standalone_migrations (0.4.7)
      activerecord
      rake
    term-ansicolor (1.0.5)
    tilt (1.3.2)
    tzinfo (0.3.27)
    webrat (0.7.3)
      nokogiri (>= 1.2.0)
      rack (>= 1.0)
      rack-test (>= 0.5.3)

PLATFORMS
  ruby

DEPENDENCIES
  activerecord (= 3.0.7)
  acts_as_list (~> 0.1.3)
  coderay (~> 0.9.7)
  cucumber (~> 0.10.3)
  haml (= 3.1.1)
  kramdown (~> 0.13.3)
  pg (~> 0.11.0)
  pry (~> 0.9.2)
  rack-test (~> 0.6.0)
  rake (~> 0.9.2)
  rspec (= 2.6.0)
  shotgun (= 0.9)
  sinatra (= 1.3.0.d)
  sqlite3-ruby (= 1.3.3)
  standalone_migrations (= 0.4.7)
  webrat (~> 0.7.3)
