GEM
  remote: http://rubygems.org/
  specs:
    activemodel (3.0.7)
      activesupport (= 3.0.7)
      builder (~> 2.1.2)
      i18n (~> 0.5.0)
    activerecord (3.0.7)
      activemodel (= 3.0.7)
      activesupport (= 3.0.7)
      arel (~> 2.0.2)
      tzinfo (~> 0.3.23)
    activesupport (3.0.7)
    arel (2.0.9)
    builder (2.1.2)
    coderay (0.9.7)
    diff-lcs (1.1.2)
    haml (3.1.1)
    i18n (0.5.0)
    method_source (0.4.1)
      ruby_parser (>= 2.0.5)
    mysql2 (0.2.7)
    pry (0.8.3)
      coderay (>= 0.9.7)
      method_source (>= 0.4.0)
      ruby_parser (>= 2.0.5)
      slop (>= 1.5.3)
    rack (1.2.2)
    rake (0.9.0)
    rspec (2.6.0)
      rspec-core (~> 2.6.0)
      rspec-expectations (~> 2.6.0)
      rspec-mocks (~> 2.6.0)
    rspec-core (2.6.3)
    rspec-expectations (2.6.0)
      diff-lcs (~> 1.1.2)
    rspec-mocks (2.6.0)
    ruby_parser (2.0.6)
      sexp_processor (~> 3.0)
    sexp_processor (3.0.5)
    sinatra (1.3.0.d)
      rack (~> 1.2)
      tilt (~> 1.3)
    slop (1.5.3)
    sqlite3 (1.3.3)
    sqlite3-ruby (1.3.3)
      sqlite3 (>= 1.3.3)
    standalone_migrations (0.4.7)
      activerecord
      rake
    tilt (1.3.1)
    tzinfo (0.3.27)

PLATFORMS
  ruby

DEPENDENCIES
  activerecord (= 3.0.7)
  haml (= 3.1.1)
  mysql2 (= 0.2.7)
  pry (= 0.8.3)
  rspec (= 2.6.0)
  sinatra (= 1.3.0.d)
  sqlite3-ruby (= 1.3.3)
  standalone_migrations (= 0.4.7)
