GEM
  remote: http://rubygems.org/
  specs:
    activemodel (3.0.7)
      activesupport (= 3.0.7)
      builder (~> 2.1.2)
      i18n (~> 0.5.0)
    activerecord (3.0.7)
      activemodel (= 3.0.7)
      activesupport (= 3.0.7)
      arel (~> 2.0.2)
      tzinfo (~> 0.3.23)
    activesupport (3.0.7)
    arel (2.0.9)
    builder (2.1.2)
    haml (3.1.1)
    i18n (0.5.0)
    mysql2 (0.2.7)
    rack (1.2.2)
    sinatra (1.3.0.d)
      rack (~> 1.2)
      tilt (~> 1.3)
    sqlite3 (1.3.3)
    sqlite3-ruby (1.3.3)
      sqlite3 (>= 1.3.3)
    tilt (1.3.1)
    tzinfo (0.3.27)

PLATFORMS
  ruby

DEPENDENCIES
  activerecord (= 3.0.7)
  haml (= 3.1.1)
  mysql2 (= 0.2.7)
  sinatra (= 1.3.0.d)
  sqlite3-ruby (= 1.3.3)
