GEM
  remote: http://rubygems.org/
  specs:
    haml (3.1.1)
    rack (1.2.2)
    sinatra (1.3.0.d)
      rack (~> 1.2)
      tilt (~> 1.3)
    tilt (1.3.1)

PLATFORMS
  ruby

DEPENDENCIES
  haml (= 3.1.1)
  sinatra (= 1.3.0.d)
